GEM
  remote: http://rubygems.org/
  specs:
    addressable (2.2.3)
    builder (3.0.0)
    cucumber (0.10.0)
      builder (>= 2.1.2)
      diff-lcs (~> 1.1.2)
      gherkin (~> 2.3.2)
      json (~> 1.4.6)
      term-ansicolor (~> 1.0.5)
    data_objects (0.10.2)
      addressable (~> 2.1)
    diff-lcs (1.1.2)
    dm-core (1.0.2)
      addressable (~> 2.2)
      extlib (~> 0.9.15)
    dm-do-adapter (1.0.2)
      data_objects (~> 0.10.2)
      dm-core (~> 1.0.2)
    dm-migrations (1.0.2)
      dm-core (~> 1.0.2)
    dm-sqlite-adapter (1.0.2)
      dm-do-adapter (~> 1.0.2)
      do_sqlite3 (~> 0.10.2)
    do_sqlite3 (0.10.2)
      data_objects (= 0.10.2)
    extlib (0.9.15)
    gherkin (2.3.3)
      json (~> 1.4.6)
    haml (3.0.22)
    json (1.4.6)
    rack (1.2.1)
    sinatra (1.1.2)
      rack (~> 1.1)
      tilt (~> 1.2)
    term-ansicolor (1.0.5)
    tilt (1.2.2)

PLATFORMS
  ruby

DEPENDENCIES
  cucumber
  dm-core (= 1.0.2)
  dm-migrations (= 1.0.2)
  dm-sqlite-adapter (= 1.0.2)
  haml
  sinatra
